PATH
  remote: .
  specs:
    template (0.1.0)

GEM
  remote: https://rubygems.org/
  specs:
    docile (1.3.5)
    minitest (5.14.4)
    rake (13.0.6)
    simplecov (0.21.2)
      docile (~> 1.1)
      simplecov-html (~> 0.11)
      simplecov_json_formatter (~> 0.1)
    simplecov-html (0.12.3)
    simplecov_json_formatter (0.1.2)

PLATFORMS
  ruby

DEPENDENCIES
  bundler
  minitest
  rake
  simplecov
  template!

BUNDLED WITH
   2.2.3
