PATH
  remote: .
  specs:
    syntax_tree (2.0.1)

GEM
  remote: https://rubygems.org/
  specs:
    ast (2.4.2)
    benchmark-ips (2.10.0)
    docile (1.4.0)
    minitest (5.15.0)
    parser (3.1.2.0)
      ast (~> 2.4.1)
    rake (13.0.6)
    ruby_parser (3.19.1)
      sexp_processor (~> 4.16)
    sexp_processor (4.16.0)
    simplecov (0.21.2)
      docile (~> 1.1)
      simplecov-html (~> 0.11)
      simplecov_json_formatter (~> 0.1)
    simplecov-html (0.12.3)
    simplecov_json_formatter (0.1.3)
    stackprof (0.2.19)

PLATFORMS
  arm64-darwin-21
  ruby
  x86_64-darwin-19
  x86_64-darwin-21
  x86_64-linux

DEPENDENCIES
  benchmark-ips
  bundler
  minitest
  parser
  rake
  ruby_parser
  simplecov
  stackprof
  syntax_tree!

BUNDLED WITH
   2.2.31
